GEM
  remote: http://rubygems.org/
  specs:
    kgio (2.9.2)
    rack (1.3.2)
    raindrops (0.13.0)
    unicorn (4.8.3)
      kgio (~> 2.6)
      rack
      raindrops (~> 0.7)

PLATFORMS
  ruby

DEPENDENCIES
  rack
  unicorn
